{
	"Modality": "MR",
	"MagneticFieldStrength": 3,
	"Manufacturer": "Siemens",
	"ManufacturersModelName": "Skyra",
	"InstitutionalDepartmentName": "Department",
	"DeviceSerialNumber": "45106",
	"StationName": "MR1L6",
	"BodyPartExamined": "HEAD",
	"PatientPosition": "HFS",
	"ProcedureStepDescription": "MRIBRNWO_098",
	"SoftwareVersions": "syngo_MR_D11",
	"MRAcquisitionType": "2D",
	"SeriesDescription": "PASSIVE_LANGUAGE_1",
	"ProtocolName": "PASSIVE_LANGUAGE_1",
	"ScanningSequence": "EP",
	"SequenceVariant": "SK",
	"ScanOptions": "FS",
	"SequenceName": "_epfid2d1_94",
	"ImageType": ["ORIGINAL", "PRIMARY", "M", "ND", "MOSAIC"],
	"SeriesNumber": 29,
	"AcquisitionNumber": 1,
	"SliceThickness": 2,
	"SpacingBetweenSlices": 2.5,
	"SAR": 0.117642,
	"EchoTime": 0.03,
	"RepetitionTime": 4,
	"FlipAngle": 90,
	"PartialFourier": 1,
	"BaseResolution": 94,
	"ShimSetting": [
		3935,
		1047,
		-11445,
		544,
		-832,
		-303,
		569,
		149	],
	"TxRefAmp": 302.799,
	"PhaseResolution": 1,
	"ReceiveCoilName": "Head_32",
	"ReceiveCoilActiveElements": "HEA;HEP",
	"PulseSequenceDetails": "%SiemensSeq%_ep2d_pace",
	"ConsistencyInfo": "N4_VD11D_LATEST_20110129",
	"PercentPhaseFOV": 100,
	"EchoTrainLength": 47,
	"PhaseEncodingSteps": 94,
	"AcquisitionMatrixPE": 94,
	"ReconMatrixPE": 94,
	"BandwidthPerPixelPhaseEncode": 32.733,
	"ParallelReductionFactorInPlane": 2,
	"EffectiveEchoSpacing": 0.000325002,
	"DerivedVendorReportedEchoSpacing": 0.000650004,
	"TotalReadoutTime": 0.0302252,
	"PixelBandwidth": 1775,
	"DwellTime": 3e-06,
	"PhaseEncodingDirection": "j-",
	"SliceTiming": [
		1.99,
		0,
		2.0625,
		0.0725,
		2.1325,
		0.1425,
		2.2025,
		0.2125,
		2.275,
		0.285,
		2.345,
		0.355,
		2.4175,
		0.4275,
		2.4875,
		0.4975,
		2.5575,
		0.57,
		2.63,
		0.64,
		2.7,
		0.71,
		2.7725,
		0.7825,
		2.8425,
		0.8525,
		2.915,
		0.925,
		2.985,
		0.995,
		3.055,
		1.0675,
		3.1275,
		1.1375,
		3.1975,
		1.2075,
		3.27,
		1.28,
		3.34,
		1.35,
		3.4125,
		1.4225,
		3.4825,
		1.4925,
		3.5525,
		1.565,
		3.625,
		1.635,
		3.695,
		1.705,
		3.7675,
		1.7775,
		3.8375,
		1.8475,
		3.91,
		1.92	],
	"ImageOrientationPatientDICOM": [
		0.999655,
		-0.0141734,
		-0.0221298,
		0.0205903,
		0.945685,
		0.324431	],
	"InPlanePhaseEncodingDirectionDICOM": "COL",
	"ConversionSoftware": "dcm2niix",
	"ConversionSoftwareVersion": "v1.0.20180622 (JP2:OpenJPEG) (JP-LS:CharLS) GCC5.5.0"
}
